PATH
  remote: .
  specs:
    acts_as_activateable (0.0.1)

GEM
  remote: https://rubygems.org/
  specs:
    rake (0.9.6)

PLATFORMS
  ruby

DEPENDENCIES
  acts_as_activateable!
  bundler (~> 1.3)
  rake
